GEM
  remote: https://rubygems.org/
  specs:
    colorize (0.8.1)
    thor (0.15.4)

PLATFORMS
  ruby

DEPENDENCIES
  colorize
  thor (= 0.15.4)

BUNDLED WITH
   1.13.7
